GEM
  remote: https://rubygems.org/
  specs:
    backports (3.11.4)
    daru (0.2.1)
      backports
      packable (~> 1.3.9)
    lurn (0.1.2)
      daru (~> 0.2.1)
      ruby-stemmer (~> 0.9.6)
      terminal-table (~> 1.8.0, >= 1.8.0)
    packable (1.3.10)
      backports
    ruby-stemmer (0.9.6)
    terminal-table (1.8.0)
      unicode-display_width (~> 1.1, >= 1.1.1)
    unicode-display_width (1.4.1)

PLATFORMS
  ruby

DEPENDENCIES
  lurn

BUNDLED WITH
   1.16.4
