GEM
  remote: https://rubygems.org/
  specs:
    activesupport (5.2.2)
      concurrent-ruby (~> 1.0, >= 1.0.2)
      i18n (>= 0.7, < 2)
      minitest (~> 5.1)
      tzinfo (~> 1.1)
    backports (3.11.4)
    concurrent-ruby (1.1.4)
    daru (0.2.1)
      backports
      packable (~> 1.3.9)
    i18n (1.4.0)
      concurrent-ruby (~> 1.0)
    lurn (0.1.2)
      daru (~> 0.2.1)
      ruby-stemmer (~> 0.9.6)
      terminal-table (~> 1.8.0, >= 1.8.0)
    minitest (5.11.3)
    packable (1.3.10)
      backports
    ruby-stemmer (0.9.6)
    terminal-table (1.8.0)
      unicode-display_width (~> 1.1, >= 1.1.1)
    thread_safe (0.3.6)
    tzinfo (1.2.5)
      thread_safe (~> 0.1)
    unicode-display_width (1.4.1)

PLATFORMS
  ruby

DEPENDENCIES
  activesupport
  lurn

BUNDLED WITH
   1.16.4
